GEM
  remote: https://rubygems.org/
  specs:
    logstash-event (1.2.02)
    logstash-logger (0.10.1)
      logstash-event (~> 1.2)
      stud
    rack (1.6.1)
    rack-protection (1.5.3)
      rack
    sinatra (1.4.6)
      rack (~> 1.4)
      rack-protection (~> 1.4)
      tilt (>= 1.3, < 3)
    stud (0.0.19)
    tilt (2.0.1)

PLATFORMS
  ruby

DEPENDENCIES
  logstash-logger
  sinatra
